GIT
  remote: https://github.com/seven1m/ruby-llvm
  revision: 0d671011419d881b730ee1bd721ac8e08ee3b1e9
  specs:
    ruby-llvm (16.0.0)
      ffi (~> 1.13)
      rake (>= 12, < 14)

GEM
  remote: https://rubygems.org/
  specs:
    ffi (1.15.5)
    minitest (5.19.0)
    minitest-focus (1.4.0)
      minitest (>= 4, < 6)
    natalie_parser (2.3.0)
    rake (13.0.6)

PLATFORMS
  aarch64-linux
  arm64-darwin-22
  x86_64-linux

DEPENDENCIES
  minitest
  minitest-focus
  natalie_parser
  rake
  ruby-llvm!

BUNDLED WITH
   2.2.33
