GEM
  remote: https://rubygems.org/
  specs:
    ffi (1.15.5)
    minitest (5.19.0)
    minitest-focus (1.4.0)
      minitest (>= 4, < 6)
    natalie_parser (2.3.0)
    rake (13.0.6)
    ruby-llvm (16.0.0)
      ffi (~> 1.13)
      rake (>= 12, < 14)

PLATFORMS
  arm64-darwin-22
  x86_64-linux

DEPENDENCIES
  minitest
  minitest-focus
  natalie_parser
  rake
  ruby-llvm

BUNDLED WITH
   2.2.33
