GEM
  remote: https://rubygems.org/
  specs:
    minitest (5.19.0)
    minitest-focus (1.4.0)
      minitest (>= 4, < 6)
    natalie_parser (2.3.0)
    rake (13.0.6)

PLATFORMS
  arm64-darwin-22
  x86_64-linux

DEPENDENCIES
  minitest
  minitest-focus
  natalie_parser
  rake

BUNDLED WITH
   2.2.33
