GEM
  remote: https://rubygems.org/
  specs:
    minitest (5.15.0)
    minitest-focus (1.3.1)
      minitest (>= 4, < 6)
    natalie_parser (2.2.0)

PLATFORMS
  arm64-darwin-22
  x86_64-linux

DEPENDENCIES
  minitest
  minitest-focus
  natalie_parser

BUNDLED WITH
   2.2.33
